GEM
  remote: https://rubygems.org/
  specs:
    better_errors (0.9.0)
      coderay (>= 1.0.0)
      erubis (>= 2.6.6)
    binding_of_caller (0.7.2)
      debug_inspector (>= 0.0.1)
    coderay (1.0.9)
    debug_inspector (0.0.2)
    erubis (2.7.0)
    faraday (0.8.8)
      multipart-post (~> 1.2.0)
    hashie (2.0.5)
    multi_json (1.7.7)
    multipart-post (1.2.0)
    oauth (0.4.7)
    omniauth (1.1.4)
      hashie (>= 1.2, < 3)
      rack
    omniauth-oauth (1.0.1)
      oauth
      omniauth (~> 1.0)
    omniauth-twitter (1.0.0)
      multi_json (~> 1.3)
      omniauth-oauth (~> 1.0)
    puma (2.4.0)
      rack (>= 1.1, < 2.0)
    rack (1.5.2)
    rack-protection (1.5.0)
      rack
    simple_oauth (0.2.0)
    sinatra (1.4.3)
      rack (~> 1.4)
      rack-protection (~> 1.4)
      tilt (~> 1.3, >= 1.3.4)
    sinatra-env (0.0.2)
    sinatra-flash (0.3.0)
      sinatra (>= 1.0.0)
    slim (2.0.0)
      temple (~> 0.6.5)
      tilt (~> 1.3, >= 1.3.3)
    temple (0.6.5)
    tilt (1.4.1)
    twitter (4.8.1)
      faraday (~> 0.8, < 0.10)
      multi_json (~> 1.0)
      simple_oauth (~> 0.2)

PLATFORMS
  ruby

DEPENDENCIES
  better_errors
  binding_of_caller
  omniauth (~> 1.1)
  omniauth-twitter (~> 1.0)
  puma (~> 2.4)
  sinatra (~> 1.4)
  sinatra-env
  sinatra-flash
  slim (~> 2.0)
  twitter (~> 4.8)
